GEM
  remote: http://rubygems.org/
  specs:
    haml (3.0.25)
    rack (1.2.2)
    rack-flash (0.1.1)
      rack
    rack-openid (1.3.1)
      rack (>= 1.1.0)
      ruby-openid (>= 2.1.8)
    ruby-openid (2.1.8)
    sinatra (1.2.1)
      rack (~> 1.1)
      tilt (>= 1.2.2, < 2.0)
    tilt (1.2.2)
    warden (1.0.3)
      rack (>= 1.0.0)
    warden-openid (0.1.0)
      rack-openid
      warden

PLATFORMS
  x86-mingw32

DEPENDENCIES
  haml
  rack-flash
  sinatra
  warden-openid
